GEM
  remote: https://rubygems.org/
  specs:
    csv (3.1.9)
    json (2.5.1)

PLATFORMS
  ruby

DEPENDENCIES
  csv
  json

BUNDLED WITH
   1.17.2
